GEM
  remote: https://rubygems.org/
  specs:
    diff-lcs (1.5.1)
    observer (0.1.2)
    pkg-config (1.5.6)
    rmagick (5.4.4)
      observer (~> 0.1)
      pkg-config (~> 1.4)
    rspec (3.13.0)
      rspec-core (~> 3.13.0)
      rspec-expectations (~> 3.13.0)
      rspec-mocks (~> 3.13.0)
    rspec-core (3.13.0)
      rspec-support (~> 3.13.0)
    rspec-expectations (3.13.0)
      diff-lcs (>= 1.2.0, < 2.0)
      rspec-support (~> 3.13.0)
    rspec-mocks (3.13.0)
      diff-lcs (>= 1.2.0, < 2.0)
      rspec-support (~> 3.13.0)
    rspec-support (3.13.1)
    tk (0.5.0)

PLATFORMS
  ruby
  x86_64-linux

DEPENDENCIES
  rmagick
  rspec
  tk

BUNDLED WITH
   2.5.6
